PATH
  remote: .
  specs:
    pry-remote-reloaded (1.2.0)
      drb (~> 2.2)
      pry (>= 0.15)
      slop (~> 4.10)

GEM
  remote: https://rubygems.org/
  specs:
    coderay (1.1.3)
    drb (2.2.3)
    io-console (0.8.1)
    method_source (1.1.0)
    pry (0.15.2)
      coderay (~> 1.1)
      method_source (~> 1.0)
    rake (13.3.0)
    readline (0.0.4)
      reline
    reline (0.6.2)
      io-console (~> 0.5)
    slop (4.10.1)

PLATFORMS
  ruby
  x86_64-linux

DEPENDENCIES
  pry-remote-reloaded!
  rake (~> 13.0)
  readline (~> 0.0.4)

BUNDLED WITH
   2.7.1
